PATH
  remote: .
  specs:
    vimmy (0.0.2)
      mechanize (~> 1.0.0)
      thor (~> 0.14.6)

GEM
  remote: http://rubygems.org/
  specs:
    mechanize (1.0.0)
      nokogiri (>= 1.2.1)
    nokogiri (1.4.4)
    thor (0.14.6)

PLATFORMS
  ruby

DEPENDENCIES
  mechanize (~> 1.0.0)
  thor (~> 0.14.6)
  vimmy!
